GIT
  remote: https://github.com/orta/playgroundbook.git
  revision: dcf5cde4c8cb49d3f2968d4140f2fdac98786d49
  branch: wrap_md
  specs:
    playgroundbook (0.3.0)
      colored (~> 1.2)
      cork (~> 0.1)
      plist (~> 3.2)

GEM
  specs:
    colored (1.2)
    cork (0.2.0)
      colored (~> 1.2)
    plist (3.2.0)

PLATFORMS
  ruby

DEPENDENCIES
  playgroundbook!

BUNDLED WITH
   1.12.5
